PATH
  remote: .
  specs:
    clibuddy (0.1.0)
      tty-spinner

GEM
  remote: https://rubygems.org/
  specs:
    binding_of_caller (0.8.0)
      debug_inspector (>= 0.0.1)
    byebug (10.0.0)
    coderay (1.1.2)
    debug_inspector (0.0.3)
    method_source (0.9.0)
    pry (0.11.3)
      coderay (~> 1.1.0)
      method_source (~> 0.9.0)
    pry-byebug (3.6.0)
      byebug (~> 10.0)
      pry (~> 0.10)
    pry-stack_explorer (0.4.9.2)
      binding_of_caller (>= 0.7)
      pry (>= 0.9.11)
    rake (10.5.0)
    tty-cursor (0.5.0)
    tty-spinner (0.8.0)
      tty-cursor (>= 0.5.0)

PLATFORMS
  ruby

DEPENDENCIES
  bundler (~> 1.16)
  clibuddy!
  pry
  pry-byebug
  pry-stack_explorer
  rake (~> 10.0)

BUNDLED WITH
   1.16.1
